GEM
  remote: https://rubygems.org/
  specs:
    motion-bundler (0.1.6)

PLATFORMS
  ruby

DEPENDENCIES
  motion-bundler (= 0.1.6)
